PATH
  remote: .
  specs:
    lyst (0.1.0)
      icy (~> 0.3)
      ivo (~> 0.5)

GEM
  remote: https://rubygems.org/
  specs:
    diff-lcs (1.4.4)
    icy (0.3.0)
    ivo (0.5.0)
    rake (12.3.3)
    rspec (3.9.0)
      rspec-core (~> 3.9.0)
      rspec-expectations (~> 3.9.0)
      rspec-mocks (~> 3.9.0)
    rspec-core (3.9.3)
      rspec-support (~> 3.9.3)
    rspec-expectations (3.9.3)
      diff-lcs (>= 1.2.0, < 2.0)
      rspec-support (~> 3.9.0)
    rspec-mocks (3.9.1)
      diff-lcs (>= 1.2.0, < 2.0)
      rspec-support (~> 3.9.0)
    rspec-support (3.9.4)

PLATFORMS
  ruby

DEPENDENCIES
  lyst!
  rake (~> 12.0)
  rspec (~> 3.9)

BUNDLED WITH
   2.1.4
